GIT
  remote: git://github.com/primedia/bunny_mock.git
  revision: f2332ccc962a8c5216044f71168cea772868f672
  tag: v0.0.4
  specs:
    bunny_mock (0.0.4)

PATH
  remote: .
  specs:
    rabbitstream (0.0.1)
      activesupport
      bunny
      json

GEM
  remote: http://rubygems.org/
  specs:
    activesupport (4.1.4)
      i18n (~> 0.6, >= 0.6.9)
      json (~> 1.7, >= 1.7.7)
      minitest (~> 5.1)
      thread_safe (~> 0.1)
      tzinfo (~> 1.1)
    amq-protocol (1.9.2)
    bunny (1.3.1)
      amq-protocol (>= 1.9.2)
    i18n (0.6.11)
    json (1.8.1)
    metaclass (0.0.4)
    minitest (5.4.0)
    mocha (1.1.0)
      metaclass (~> 0.0.1)
    rake (10.3.2)
    thread_safe (0.3.4)
    tzinfo (1.2.1)
      thread_safe (~> 0.1)

PLATFORMS
  ruby

DEPENDENCIES
  bunny_mock!
  minitest
  mocha
  rabbitstream!
  rake
